GEM
  remote: https://rubygems.org/
  specs:
    benchmark_driver (0.15.6)
    charty (0.2.0)
    csv (3.1.1)
    diff-lcs (1.3)
    extpp (0.0.8)
    gio2 (3.3.8)
      gobject-introspection (= 3.3.8)
    glib2 (3.3.8)
      native-package-installer (>= 1.0.3)
      pkg-config (>= 1.3.5)
    gobject-introspection (3.3.8)
      glib2 (= 3.3.8)
    native-package-installer (1.0.7)
    pkg-config (1.3.9)
    power_assert (1.1.5)
    red-arrow (0.14.1)
      extpp (>= 0.0.7)
      gio2 (>= 3.3.6)
      native-package-installer
      pkg-config
    red-parquet (0.14.1)
      red-arrow (= 0.14.1)
    rspec (3.8.0)
      rspec-core (~> 3.8.0)
      rspec-expectations (~> 3.8.0)
      rspec-mocks (~> 3.8.0)
    rspec-core (3.8.2)
      rspec-support (~> 3.8.0)
    rspec-expectations (3.8.5)
      diff-lcs (>= 1.2.0, < 2.0)
      rspec-support (~> 3.8.0)
    rspec-mocks (3.8.2)
      diff-lcs (>= 1.2.0, < 2.0)
      rspec-support (~> 3.8.0)
    rspec-support (3.8.3)
    test-unit (3.3.4)
      power_assert

PLATFORMS
  ruby

DEPENDENCIES
  benchmark_driver
  charty
  csv
  red-parquet
  rspec
  test-unit

BUNDLED WITH
   1.17.2
